PATH
  remote: .
  specs:
    elastictastic (2.0.2)
      activemodel (= 3.2.13)
      activesupport (= 3.2.13)
      hashie (~> 2.1)
      i18n (= 0.6.1)
      multi_json

GEM
  remote: https://rubygems.org/
  specs:
    activemodel (3.2.13)
      activesupport (= 3.2.13)
      builder (~> 3.0.0)
    activesupport (3.2.13)
      i18n (= 0.6.1)
      multi_json (~> 1.0)
    builder (3.0.4)
    byebug (2.7.0)
      columnize (~> 0.3)
      debugger-linecache (~> 1.2)
    columnize (0.8.9)
    debugger-linecache (1.2.0)
    diff-lcs (1.2.1)
    fakeweb (1.3.0)
    hashie (2.1.1)
    i18n (0.6.1)
    multi_json (1.10.1)
    rspec (2.13.0)
      rspec-core (~> 2.13.0)
      rspec-expectations (~> 2.13.0)
      rspec-mocks (~> 2.13.0)
    rspec-core (2.13.1)
    rspec-expectations (2.13.0)
      diff-lcs (>= 1.1.3, < 2.0)
    rspec-mocks (2.13.0)
    yard (0.8.5.2)

PLATFORMS
  ruby

DEPENDENCIES
  byebug
  elastictastic!
  fakeweb (~> 1.3)
  rspec (~> 2.0)
  yard (~> 0.6)
