PATH
  remote: .
  specs:
    elastictastic (0.12.1)
      activemodel (~> 3.0)
      activesupport (~> 3.0)
      hashie
      i18n
      multi_json

GEM
  remote: https://rubygems.org/
  specs:
    activemodel (3.2.12)
      activesupport (= 3.2.12)
      builder (~> 3.0.0)
    activesupport (3.2.12)
      i18n (~> 0.6)
      multi_json (~> 1.0)
    builder (3.0.4)
    diff-lcs (1.2.1)
    fakeweb (1.3.0)
    hashie (2.0.3)
    i18n (0.6.4)
    multi_json (1.7.2)
    rspec (2.13.0)
      rspec-core (~> 2.13.0)
      rspec-expectations (~> 2.13.0)
      rspec-mocks (~> 2.13.0)
    rspec-core (2.13.1)
    rspec-expectations (2.13.0)
      diff-lcs (>= 1.1.3, < 2.0)
    rspec-mocks (2.13.0)
    yard (0.8.5.2)

PLATFORMS
  ruby

DEPENDENCIES
  elastictastic!
  fakeweb (~> 1.3)
  rspec (~> 2.0)
  yard (~> 0.6)
