PATH
  remote: .
  specs:
    elastictastic (0.1.0)
      activesupport (~> 3.0)
      hashie
      i18n

GEM
  remote: http://rubygems.org/
  specs:
    activesupport (3.0.9)
    archive-tar-minitar (0.5.2)
    columnize (0.3.3)
    diff-lcs (1.1.2)
    fakeweb (1.3.0)
    hashie (1.0.0)
    i18n (0.5.0)
    linecache19 (0.5.12)
      ruby_core_source (>= 0.1.4)
    rspec (2.5.0)
      rspec-core (~> 2.5.0)
      rspec-expectations (~> 2.5.0)
      rspec-mocks (~> 2.5.0)
    rspec-core (2.5.2)
    rspec-expectations (2.5.0)
      diff-lcs (~> 1.1.2)
    rspec-mocks (2.5.0)
    ruby-debug-base19 (0.11.25)
      columnize (>= 0.3.1)
      linecache19 (>= 0.5.11)
      ruby_core_source (>= 0.1.4)
    ruby-debug19 (0.11.6)
      columnize (>= 0.3.1)
      linecache19 (>= 0.5.11)
      ruby-debug-base19 (>= 0.11.19)
    ruby_core_source (0.1.4)
      archive-tar-minitar (>= 0.5.2)

PLATFORMS
  ruby

DEPENDENCIES
  elastictastic!
  fakeweb (~> 1.3)
  rspec (~> 2.0)
  ruby-debug19 (~> 0.11)
